PATH
  remote: .
  specs:
    hstore_flags (0.1.0)
      activerecord (~> 3.1)
      activerecord-postgres-hstore (~> 0.7.5)

GEM
  remote: https://rubygems.org/
  specs:
    activemodel (3.2.13)
      activesupport (= 3.2.13)
      builder (~> 3.0.0)
    activerecord (3.2.13)
      activemodel (= 3.2.13)
      activesupport (= 3.2.13)
      arel (~> 3.0.2)
      tzinfo (~> 0.3.29)
    activerecord-postgres-hstore (0.7.6)
      activerecord (>= 3.1)
      pg-hstore (>= 1.1.5)
      rake
    activesupport (3.2.13)
      i18n (= 0.6.1)
      multi_json (~> 1.0)
    arel (3.0.2)
    builder (3.0.4)
    diff-lcs (1.2.4)
    i18n (0.6.1)
    multi_json (1.7.3)
    pg (0.15.1)
    pg-hstore (1.1.7)
    rake (10.0.4)
    rspec (2.13.0)
      rspec-core (~> 2.13.0)
      rspec-expectations (~> 2.13.0)
      rspec-mocks (~> 2.13.0)
    rspec-core (2.13.1)
    rspec-expectations (2.13.0)
      diff-lcs (>= 1.1.3, < 2.0)
    rspec-mocks (2.13.1)
    tzinfo (0.3.37)

PLATFORMS
  ruby

DEPENDENCIES
  activerecord (~> 3.0)
  activerecord-postgres-hstore (~> 0.4)
  hstore_flags!
  pg (~> 0.14)
  rake
  rspec (~> 2)
